PATH
  remote: .
  specs:
    simplehtml (0.1.0)
      base64
      bigdecimal
      html-proofer
      jekyll (~> 3.10)
      jekyll-feed
      kramdown-parser-gfm (~> 1.1)

GEM
  remote: https://rubygems.org/
  specs:
    Ascii85 (2.0.1)
    addressable (2.8.7)
      public_suffix (>= 2.0.2, < 7.0)
    afm (1.0.0)
    async (2.32.0)
      console (~> 1.29)
      fiber-annotation
      io-event (~> 1.11)
      metrics (~> 0.12)
      traces (~> 0.18)
    base64 (0.3.0)
    bigdecimal (3.2.3)
    colorator (1.1.0)
    concurrent-ruby (1.3.5)
    console (1.34.0)
      fiber-annotation
      fiber-local (~> 1.1)
      json
    csv (3.3.5)
    em-websocket (0.5.3)
      eventmachine (>= 0.12.9)
      http_parser.rb (~> 0)
    ethon (0.15.0)
      ffi (>= 1.15.0)
    eventmachine (1.2.7)
    ffi (1.17.2)
    ffi (1.17.2-x86_64-linux-gnu)
    fiber-annotation (0.2.0)
    fiber-local (1.1.0)
      fiber-storage
    fiber-storage (1.0.1)
    forwardable-extended (2.6.0)
    hashery (2.1.2)
    html-proofer (5.0.10)
      addressable (~> 2.3)
      async (~> 2.1)
      nokogiri (~> 1.13)
      pdf-reader (~> 2.11)
      rainbow (~> 3.0)
      typhoeus (~> 1.3)
      yell (~> 2.0)
      zeitwerk (~> 2.5)
    http_parser.rb (0.8.0)
    i18n (1.14.7)
      concurrent-ruby (~> 1.0)
    io-event (1.14.0)
    jekyll (3.10.0)
      addressable (~> 2.4)
      colorator (~> 1.0)
      csv (~> 3.0)
      em-websocket (~> 0.5)
      i18n (>= 0.7, < 2)
      jekyll-sass-converter (~> 1.0)
      jekyll-watch (~> 2.0)
      kramdown (>= 1.17, < 3)
      liquid (~> 4.0)
      mercenary (~> 0.3.3)
      pathutil (~> 0.9)
      rouge (>= 1.7, < 4)
      safe_yaml (~> 1.0)
      webrick (>= 1.0)
    jekyll-feed (0.17.0)
      jekyll (>= 3.7, < 5.0)
    jekyll-sass-converter (1.5.2)
      sass (~> 3.4)
    jekyll-watch (2.2.1)
      listen (~> 3.0)
    json (2.14.1)
    kramdown (2.5.1)
      rexml (>= 3.3.9)
    kramdown-parser-gfm (1.1.0)
      kramdown (~> 2.0)
    liquid (4.0.4)
    listen (3.9.0)
      rb-fsevent (~> 0.10, >= 0.10.3)
      rb-inotify (~> 0.9, >= 0.9.10)
    mercenary (0.3.6)
    metrics (0.15.0)
    nokogiri (1.18.10-x86_64-linux-gnu)
      racc (~> 1.4)
    pathutil (0.16.2)
      forwardable-extended (~> 2.6)
    pdf-reader (2.15.0)
      Ascii85 (>= 1.0, < 3.0, != 2.0.0)
      afm (>= 0.2.1, < 2)
      hashery (~> 2.0)
      ruby-rc4
      ttfunk
    public_suffix (6.0.2)
    racc (1.8.1)
    rainbow (3.1.1)
    rake (12.3.3)
    rb-fsevent (0.11.2)
    rb-inotify (0.11.1)
      ffi (~> 1.0)
    rexml (3.4.4)
    rouge (3.30.0)
    ruby-rc4 (0.1.5)
    safe_yaml (1.0.5)
    sass (3.7.4)
      sass-listen (~> 4.0.0)
    sass-listen (4.0.0)
      rb-fsevent (~> 0.9, >= 0.9.4)
      rb-inotify (~> 0.9, >= 0.9.7)
    traces (0.18.2)
    ttfunk (1.8.0)
      bigdecimal (~> 3.1)
    typhoeus (1.5.0)
      ethon (>= 0.9.0, < 0.16.0)
    webrick (1.9.1)
    yell (2.2.2)
    zeitwerk (2.7.3)

PLATFORMS
  x86_64-linux-gnu

DEPENDENCIES
  bundler (>= 1.16)
  rake (~> 12.0)
  simplehtml!

BUNDLED WITH
   2.7.1
